GIT
  remote: https://github.com/livingsocial/rake-pipeline.git
  revision: 65b1e744defa208e313703d89f3453447cc103b2
  specs:
    rake-pipeline (0.8.0)
      json
      rake (~> 10.0.0)
      thor

GIT
  remote: https://github.com/wycats/rake-pipeline-web-filters.git
  revision: 19a6a4e94c700081bbec5814f1536c2b4570979f
  specs:
    rake-pipeline-web-filters (0.6.0)
      rack
      rake-pipeline (~> 0.6)

GEM
  remote: https://rubygems.org/
  specs:
    activesupport (4.0.0)
      i18n (~> 0.6, >= 0.6.4)
      minitest (~> 4.2)
      multi_json (~> 1.3)
      thread_safe (~> 0.1)
      tzinfo (~> 0.3.37)
    atomic (1.1.13)
    chunky_png (1.2.8)
    coffee-script (2.2.0)
      coffee-script-source
      execjs
    coffee-script-source (1.6.3)
    compass (0.12.2)
      chunky_png (~> 1.2)
      fssm (>= 0.2.7)
      sass (~> 3.1)
    execjs (1.4.0)
      multi_json (~> 1.0)
    fssm (0.2.10)
    i18n (0.6.5)
    json (1.8.0)
    minitest (4.7.5)
    multi_json (1.7.9)
    pd (1.1.0)
    pimpmychangelog (0.1.1)
    rack (1.5.2)
    rack-rewrite (1.3.3)
    rake (10.0.4)
    sass (3.2.10)
    tagen (2.0.2)
      activesupport
      pd
    thor (0.18.1)
    thread_safe (0.1.2)
      atomic
    tzinfo (0.3.37)
    uglifier (2.1.2)
      execjs (>= 0.3.0)
      multi_json (~> 1.0, >= 1.0.2)
    watchr (0.7)
    yui-compressor (0.11.0)

PLATFORMS
  ruby

DEPENDENCIES
  coffee-script
  compass
  pd
  pimpmychangelog
  rack
  rack-rewrite
  rake
  rake-pipeline!
  rake-pipeline-web-filters!
  sass
  tagen
  uglifier
  watchr
  yui-compressor
